GEM
  remote: https://rubygems.org/
  specs:
    backticks (1.0.2)
    diff-lcs (1.4.4)
    docker (0.4.0)
      backticks (~> 1.0.0)
    docker-api (2.2.0)
      excon (>= 0.47.0)
      multi_json
    excon (0.89.0)
    multi_json (1.15.0)
    net-scp (3.0.0)
      net-ssh (>= 2.6.5, < 7.0.0)
    net-ssh (6.1.0)
    rspec (3.10.0)
      rspec-core (~> 3.10.0)
      rspec-expectations (~> 3.10.0)
      rspec-mocks (~> 3.10.0)
    rspec-core (3.10.1)
      rspec-support (~> 3.10.0)
    rspec-expectations (3.10.1)
      diff-lcs (>= 1.2.0, < 2.0)
      rspec-support (~> 3.10.0)
    rspec-its (1.3.0)
      rspec-core (>= 3.0.0)
      rspec-expectations (>= 3.0.0)
    rspec-mocks (3.10.2)
      diff-lcs (>= 1.2.0, < 2.0)
      rspec-support (~> 3.10.0)
    rspec-support (3.10.3)
    serverspec (2.8.2)
      multi_json
      rspec (~> 3.0)
      rspec-its
      specinfra (~> 2.12)
    specinfra (2.12.7)
      net-scp
      net-ssh

PLATFORMS
  arm64-darwin-21

DEPENDENCIES
  docker
  docker-api
  rspec
  serverspec
  specinfra (= 2.12.7)

BUNDLED WITH
   2.2.16
